GEM
  remote: https://rubygems.org/
  specs:
    json (1.8.3)
    log4r (1.1.10)

PLATFORMS
  ruby

DEPENDENCIES
  json
  log4r (~> 1.1.9)

RUBY VERSION
   ruby 2.0.0p648

BUNDLED WITH
   1.12.5
