GEM
  remote: https://rubygems.org/
  specs:
    curses (1.0.2)
    hoe (3.15.3)
      rake (>= 0.8, < 12.0)
    json (2.0.2)
    log4r (1.1.10)
    rake (11.3.0)
    test-unit (2.0.0)
      hoe (>= 1.6.0)

PLATFORMS
  ruby

DEPENDENCIES
  curses
  hoe
  json
  log4r (~> 1.1.9)
  rake
  test-unit (= 2.0.0)

BUNDLED WITH
   1.13.6
